GEM
  specs:
    activesupport (2.3.8)
    gemcutter (0.6.1)
    git (1.2.5)
    jeweler (1.4.0)
      gemcutter (>= 0.1.0)
      git (>= 1.2.5)
      rubyforge (>= 2.0.0)
    json_pure (1.4.3)
    macaddr (1.0.0)
    rake (0.8.7)
    rspec (1.3.0)
    rubyforge (2.0.4)
      json_pure (>= 1.1.7)
    uuid (2.1.0)
      macaddr (~> 1.0)

PLATFORMS
  ruby

DEPENDENCIES
  activesupport (~> 2.3.8)
  jeweler (~> 1.4.0)
  rake (~> 0.8.7)
  rspec (~> 1.3.0)
  uuid (~> 2.1.0)
